GEM
  remote: https://rubygems.org/
  specs:
    activemodel (6.0.0)
      activesupport (= 6.0.0)
    activesupport (6.0.0)
      concurrent-ruby (~> 1.0, >= 1.0.2)
      i18n (>= 0.7, < 2)
      minitest (~> 5.1)
      tzinfo (~> 1.1)
      zeitwerk (~> 2.1, >= 2.1.8)
    addressable (2.6.0)
      public_suffix (>= 2.0.2, < 4.0)
    awesome_print (1.8.0)
    bcrypt (3.1.13)
    capybara (3.26.0)
      addressable
      mini_mime (>= 0.1.3)
      nokogiri (~> 1.8)
      rack (>= 1.6.0)
      rack-test (>= 0.6.3)
      regexp_parser (~> 1.5)
      xpath (~> 3.2)
    childprocess (1.0.1)
      rake (< 13.0)
    concurrent-ruby (1.1.5)
    diff-lcs (1.3)
    email_validator (2.0.1)
      activemodel
    faker (1.9.6)
      i18n (>= 0.7)
    ffi (1.11.1)
    i18n (1.6.0)
      concurrent-ruby (~> 1.0)
    irb (1.0.0)
    listen (3.1.5)
      rb-fsevent (~> 0.9, >= 0.9.4)
      rb-inotify (~> 0.9, >= 0.9.7)
      ruby_dep (~> 1.2)
    mail (2.7.1)
      mini_mime (>= 0.1.1)
    mini_mime (1.0.2)
    mini_portile2 (2.6.1)
    minitest (5.11.3)
    mustermann (1.0.3)
    nokogiri (1.12.5)
      mini_portile2 (~> 2.6.1)
      racc (~> 1.4)
    pandoc-ruby (2.0.2)
    pg (1.1.4)
    pony (1.13.1)
      mail (>= 2.0)
    public_suffix (3.1.1)
    racc (1.5.2)
    rack (2.0.7)
    rack-protection (2.0.5)
      rack
    rack-ssl (1.4.1)
      rack
    rack-test (1.1.0)
      rack (>= 1.0, < 3)
    rake (12.3.3)
    rb-fsevent (0.10.3)
    rb-inotify (0.10.0)
      ffi (~> 1.0)
    regexp_parser (1.6.0)
    rerun (0.13.0)
      listen (~> 3.0)
    rspec (3.8.0)
      rspec-core (~> 3.8.0)
      rspec-expectations (~> 3.8.0)
      rspec-mocks (~> 3.8.0)
    rspec-core (3.8.2)
      rspec-support (~> 3.8.0)
    rspec-expectations (3.8.4)
      diff-lcs (>= 1.2.0, < 2.0)
      rspec-support (~> 3.8.0)
    rspec-mocks (3.8.1)
      diff-lcs (>= 1.2.0, < 2.0)
      rspec-support (~> 3.8.0)
    rspec-support (3.8.2)
    ruby_dep (1.5.0)
    rubyzip (1.2.3)
    sassc (2.0.1)
      ffi (~> 1.9)
      rake
    selenium-webdriver (3.142.3)
      childprocess (>= 0.5, < 2.0)
      rubyzip (~> 1.2, >= 1.2.2)
    sinatra (2.0.5)
      mustermann (~> 1.0)
      rack (~> 2.0)
      rack-protection (= 2.0.5)
      tilt (~> 2.0)
    sinatra-flash (0.3.0)
      sinatra (>= 1.0.0)
    slim (4.0.1)
      temple (>= 0.7.6, < 0.9)
      tilt (>= 2.0.6, < 2.1)
    temple (0.8.1)
    thread_safe (0.3.6)
    tilt (2.0.9)
    tzinfo (1.2.5)
      thread_safe (~> 0.1)
    xpath (3.2.0)
      nokogiri (~> 1.8)
    zeitwerk (2.1.9)

PLATFORMS
  ruby

DEPENDENCIES
  awesome_print
  bcrypt
  capybara
  email_validator
  faker
  irb
  pandoc-ruby
  pg
  pony
  rack-ssl
  rerun
  rspec
  sassc
  selenium-webdriver
  sinatra
  sinatra-flash
  slim

BUNDLED WITH
   2.0.2
